GEM
  remote: https://rubygems.org/
  specs:
    ankirb (0.4.1)
      base91 (= 0.0.1)
      mimemagic (~> 0.3)
      rake (~> 10.5)
      rubyzip (~> 1.1)
      sqlite3 (~> 1.3)
    ast (2.4.1)
    base91 (0.0.1)
    ffi (1.13.1)
    listen (3.2.1)
      rb-fsevent (~> 0.10, >= 0.10.3)
      rb-inotify (~> 0.9, >= 0.9.10)
    mimemagic (0.3.5)
    mustermann (1.1.1)
      ruby2_keywords (~> 0.0.1)
    parallel (1.19.2)
    parser (2.7.1.4)
      ast (~> 2.4.1)
    rack (2.2.3)
    rack-protection (2.0.8.1)
      rack
    rainbow (3.0.0)
    rake (10.5.0)
    rb-fsevent (0.10.4)
    rb-inotify (0.10.1)
      ffi (~> 1.0)
    regexp_parser (1.7.1)
    rerun (0.13.0)
      listen (~> 3.0)
    rexml (3.2.4)
    rubocop (0.89.1)
      parallel (~> 1.10)
      parser (>= 2.7.1.1)
      rainbow (>= 2.2.2, < 4.0)
      regexp_parser (>= 1.7)
      rexml
      rubocop-ast (>= 0.3.0, < 1.0)
      ruby-progressbar (~> 1.7)
      unicode-display_width (>= 1.4.0, < 2.0)
    rubocop-ast (0.3.0)
      parser (>= 2.7.1.4)
    ruby-progressbar (1.10.1)
    ruby2_keywords (0.0.2)
    rubyzip (1.3.0)
    sinatra (2.0.8.1)
      mustermann (~> 1.0)
      rack (~> 2.0)
      rack-protection (= 2.0.8.1)
      tilt (~> 2.0)
    sqlite3 (1.4.2)
    tilt (2.0.10)
    unicode-display_width (1.7.0)

PLATFORMS
  ruby

DEPENDENCIES
  ankirb
  rerun
  rubocop
  sinatra

BUNDLED WITH
   2.1.4
